GIT
  remote: git://github.com/csdn-dev/second_level_cache.git
  revision: f6185488ebf1bf5d1e7e18e1448c61bb367f51d2
  specs:
    second_level_cache (1.6.2)
      activesupport (~> 3.2.0)

GIT
  remote: git://github.com/postrank-labs/goliath.git
  revision: 48215f4a87d0d1d9a2aabd0dde16634e44828fd9
  specs:
    goliath (1.0.2)
      async-rack
      em-synchrony (>= 1.0.0)
      em-websocket (= 0.3.8)
      eventmachine (>= 1.0.0.beta.4)
      http_parser.rb (= 0.5.3)
      log4r
      multi_json
      rack (>= 1.2.2)
      rack-contrib
      rack-respond_to

GEM
  remote: https://rubygems.org/
  specs:
    activemodel (3.2.13)
      activesupport (= 3.2.13)
      builder (~> 3.0.0)
    activerecord (3.2.13)
      activemodel (= 3.2.13)
      activesupport (= 3.2.13)
      arel (~> 3.0.2)
      tzinfo (~> 0.3.29)
    activesupport (3.2.13)
      i18n (= 0.6.1)
      multi_json (~> 1.0)
    addressable (2.3.4)
    arel (3.0.2)
    async-rack (0.5.1)
      rack (~> 1.1)
    builder (3.0.4)
    coderay (1.0.9)
    em-synchrony (1.0.3)
      eventmachine (>= 1.0.0.beta.1)
    em-websocket (0.3.8)
      addressable (>= 2.1.1)
      eventmachine (>= 0.12.9)
    eventmachine (1.0.3)
    hiredis (0.4.5)
    http_parser.rb (0.5.3)
    i18n (0.6.1)
    log4r (1.1.10)
    method_source (0.8.1)
    multi_json (1.7.3)
    mysql2 (0.3.11)
    oj (2.0.13)
    pry (0.9.12.2)
      coderay (~> 1.0.5)
      method_source (~> 0.8)
      slop (~> 3.4)
    rack (1.5.2)
    rack-accept-media-types (0.9)
    rack-contrib (1.1.0)
      rack (>= 0.9.1)
    rack-respond_to (0.9.8)
      rack-accept-media-types (>= 0.6)
    rake (10.0.4)
    redis (3.0.4)
    redis-activesupport (3.2.3)
      activesupport (~> 3.2.3)
      redis-store (~> 1.1.0)
    redis-store (1.1.3)
      redis (>= 2.2.0)
    slop (3.4.5)
    tzinfo (0.3.37)

PLATFORMS
  ruby

DEPENDENCIES
  activerecord (~> 3.2)
  em-synchrony
  goliath!
  hiredis
  mysql2
  oj
  pry
  rake
  redis
  redis-activesupport
  second_level_cache!
